GIT
  remote: git@github.com:bytebin/deepworld-shared.git
  revision: bcb5e891f4cb6237c3d1f3f99470e196203f94dd
  specs:
    deepworld-shared (0.9.3)
      bundler
      gibberish (< 2)

GEM
  remote: http://rubygems.org/
  specs:
    activemodel (3.2.22)
      activesupport (= 3.2.22)
      builder (~> 3.0.0)
    activesupport (3.2.22)
      i18n (~> 0.6, >= 0.6.4)
      multi_json (~> 1.0)
    builder (3.0.4)
    byebug (3.5.1)
      columnize (~> 0.8)
      debugger-linecache (~> 1.2)
      slop (~> 3.6)
    columnize (0.9.0)
    debugger-linecache (1.2.0)
    gibberish (1.4.0)
    i18n (0.7.0)
    mime-types (1.23)
    mongoid (3.1.7)
      activemodel (~> 3.2)
      moped (~> 1.4)
      origin (~> 1.0)
      tzinfo (~> 0.3.29)
    moped (1.5.3)
    multi_json (1.11.2)
    origin (1.1.0)
    rest-client (1.6.7)
      mime-types (>= 1.16)
    slop (3.6.0)
    tzinfo (0.3.46)

PLATFORMS
  ruby

DEPENDENCIES
  byebug
  deepworld-shared!
  mongoid
  rest-client

BUNDLED WITH
   1.11.2
