GIT
  remote: git@github.com:bytebin/deepworld-shared.git
  revision: 333040077d65ceb6c2357573b6525929241f6a6a
  specs:
    deepworld-shared (0.8.9)
      bundler
      gibberish (< 2)

GEM
  remote: http://rubygems.org/
  specs:
    addressable (2.3.5)
    bootstripe (0.2.11)
    bson (1.6.1)
    bson_ext (1.6.1)
      bson (~> 1.6.1)
    byebug (3.5.1)
      columnize (~> 0.8)
      debugger-linecache (~> 1.2)
      slop (~> 3.6)
    columnize (0.9.0)
    cookiejar (0.3.0)
    debugger-linecache (1.2.0)
    em-http-request (1.1.0)
      addressable (>= 2.3.4)
      cookiejar
      em-socksify (>= 0.3)
      eventmachine (>= 1.0.3)
      http_parser.rb (>= 0.6.0.beta.2)
    em-socksify (0.3.0)
      eventmachine (>= 1.0.0.beta.4)
    eventmachine (1.0.8)
    faker (1.0.1)
      i18n (~> 0.4)
    gibberish (1.4.0)
    hashie (1.2.0)
    http_parser.rb (0.6.0.beta.2)
    i18n (0.6.0)
    mongo (1.6.1)
      bson (~> 1.6.1)
    msgpack (0.5.8)
    slop (3.6.0)

PLATFORMS
  ruby

DEPENDENCIES
  bootstripe
  bson_ext
  byebug
  deepworld-shared!
  em-http-request
  eventmachine
  faker
  hashie
  mongo
  msgpack

BUNDLED WITH
   1.11.2
