GIT
  remote: git@github.com:bytebin/deepworld-shared.git
  revision: 333040077d65ceb6c2357573b6525929241f6a6a
  specs:
    deepworld-shared (0.8.9)
      bundler
      gibberish (< 2)

GEM
  remote: http://rubygems.org/
  specs:
    bson (1.8.2)
    bson_ext (1.8.0)
      bson (~> 1.8.0)
    eventmachine (1.0.8)
    faker (1.0.1)
      i18n (~> 0.4)
    gibberish (1.4.0)
    i18n (0.6.0)
    mime-types (1.19)
    mongo (1.8.2)
      bson (~> 1.8.2)
    rest-client (1.6.7)
      mime-types (>= 1.16)

PLATFORMS
  ruby

DEPENDENCIES
  bson_ext
  deepworld-shared!
  eventmachine
  faker
  mongo
  rest-client

BUNDLED WITH
   1.11.2
